GIT
  remote: git@github.com:sinatra/sinatra-contrib.git
  revision: e80c8635c7350f9c200e718a536b2a11b6cc5afe
  specs:
    sinatra-contrib (1.4.2)
      backports (>= 2.0)
      multi_json
      rack-protection
      rack-test
      sinatra (~> 1.4.0)
      tilt (~> 1.3)

GIT
  remote: git@github.com:sinatra/sinatra.git
  revision: be9c18ac44214069f4709ced6da65abba9501d24
  specs:
    sinatra (1.4.5)
      rack (~> 1.4)
      rack-protection (~> 1.4)
      tilt (>= 1.3, < 3)

GEM
  remote: https://rubygems.org/
  specs:
    backports (3.6.4)
    haml (4.0.6)
      tilt
    multi_json (1.11.0)
    rack (1.6.0)
    rack-protection (1.5.3)
      rack
    rack-test (0.6.3)
      rack (>= 1.0)
    ruby-filemagic (0.6.3)
    tilt (1.4.1)

PLATFORMS
  ruby

DEPENDENCIES
  haml
  ruby-filemagic
  sinatra!
  sinatra-contrib!
